GIT
  remote: https://github.com/rweng/jquery-datatables-rails.git
  revision: d486b31b192a2924b1913e080ad23460e6b96d31
  specs:
    jquery-datatables-rails (3.4.0)
      actionpack (>= 3.1)
      jquery-rails
      railties (>= 3.1)
      sass-rails

GEM
  remote: https://rubygems.org/
  specs:
    actioncable (5.2.4)
      actionpack (= 5.2.4)
      nio4r (~> 2.0)
      websocket-driver (>= 0.6.1)
    actionmailer (5.2.4)
      actionpack (= 5.2.4)
      actionview (= 5.2.4)
      activejob (= 5.2.4)
      mail (~> 2.5, >= 2.5.4)
      rails-dom-testing (~> 2.0)
    actionpack (5.2.4)
      actionview (= 5.2.4)
      activesupport (= 5.2.4)
      rack (~> 2.0)
      rack-test (>= 0.6.3)
      rails-dom-testing (~> 2.0)
      rails-html-sanitizer (~> 1.0, >= 1.0.2)
    actionview (5.2.4)
      activesupport (= 5.2.4)
      builder (~> 3.1)
      erubi (~> 1.4)
      rails-dom-testing (~> 2.0)
      rails-html-sanitizer (~> 1.0, >= 1.0.3)
    activejob (5.2.4)
      activesupport (= 5.2.4)
      globalid (>= 0.3.6)
    activemodel (5.2.4)
      activesupport (= 5.2.4)
    activerecord (5.2.4)
      activemodel (= 5.2.4)
      activesupport (= 5.2.4)
      arel (>= 9.0)
    activestorage (5.2.4)
      actionpack (= 5.2.4)
      activerecord (= 5.2.4)
      marcel (~> 0.3.1)
    activesupport (5.2.4)
      concurrent-ruby (~> 1.0, >= 1.0.2)
      i18n (>= 0.7, < 2)
      minitest (~> 5.1)
      tzinfo (~> 1.1)
    addressable (2.7.0)
      public_suffix (>= 2.0.2, < 5.0)
    arel (9.0.0)
    atomic (1.1.101)
    autoprefixer-rails (9.7.3)
      execjs
    awesome_print (1.8.0)
    backports (3.15.0)
    benchmark-ips (2.7.2)
    bindex (0.8.1)
    bootstrap-sass (3.4.1)
      autoprefixer-rails (>= 5.2.1)
      sassc (>= 2.0.0)
    bootstrap-toggle-rails (2.2.1.0)
    builder (3.2.3)
    byebug (11.0.1)
    coffee-rails (5.0.0)
      coffee-script (>= 2.2.0)
      railties (>= 5.2.0)
    coffee-script (2.4.1)
      coffee-script-source
      execjs
    coffee-script-source (1.12.2)
    commonjs (0.2.7)
    concurrent-ruby (1.1.5)
    concurrent-ruby-ext (1.1.5)
      concurrent-ruby (= 1.1.5)
    crass (1.0.5)
    derailed (0.1.0)
      derailed_benchmarks
    derailed_benchmarks (1.4.2)
      benchmark-ips (~> 2)
      get_process_mem (~> 0)
      heapy (~> 0)
      memory_profiler (~> 0)
      rack (>= 1)
      rake (> 10, < 14)
      ruby-statistics (>= 2.1)
      thor (~> 0.19)
    erubi (1.9.0)
    et-orbi (1.2.2)
      tzinfo
    execjs (2.7.0)
    ffi (1.11.3)
    font-awesome-sass (5.11.2)
      sassc (>= 1.11)
    fugit (1.3.3)
      et-orbi (~> 1.1, >= 1.1.8)
      raabro (~> 1.1)
    get_process_mem (0.2.5)
      ffi (~> 1.0)
    globalid (0.4.2)
      activesupport (>= 4.2.0)
    go-on-rails (0.4.0)
    heapy (0.1.4)
    httparty (0.17.1)
      mime-types (~> 3.0)
      multi_xml (>= 0.5.2)
    i18n (1.7.0)
      concurrent-ruby (~> 1.0)
    jbuilder (2.9.1)
      activesupport (>= 4.2.0)
    jquery-migrate-rails (1.2.1)
    jquery-rails (4.3.5)
      rails-dom-testing (>= 1, < 3)
      railties (>= 4.2.0)
      thor (>= 0.14, < 2.0)
    jquery-ui-rails (6.0.1)
      railties (>= 3.2.16)
    kgio (2.11.2)
    launchy (2.4.3)
      addressable (~> 2.3)
    less (2.6.0)
      commonjs (~> 0.2.7)
    less-rails (4.0.0)
      actionpack (>= 4)
      less (~> 2.6.0)
      sprockets (>= 2)
    letter_opener (1.7.0)
      launchy (~> 2.2)
    listen (3.2.1)
      rb-fsevent (~> 0.10, >= 0.10.3)
      rb-inotify (~> 0.9, >= 0.9.10)
    loofah (2.4.0)
      crass (~> 1.0.2)
      nokogiri (>= 1.5.9)
    mail (2.7.1)
      mini_mime (>= 0.1.1)
    marcel (0.3.3)
      mimemagic (~> 0.3.2)
    memory_profiler (0.9.14)
    method_source (0.9.2)
    mime-types (3.3)
      mime-types-data (~> 3.2015)
    mime-types-data (3.2019.1009)
    mimemagic (0.3.3)
    mini_mime (1.0.2)
    mini_portile2 (2.4.0)
    minitest (5.13.0)
    mono_logger (1.1.0)
    multi_json (1.14.1)
    multi_xml (0.6.0)
    mustermann (1.0.3)
    nio4r (2.5.2)
    nokogiri (1.10.7)
      mini_portile2 (~> 2.4.0)
    peek (1.1.0)
      railties (>= 4.0.0)
    peek-git (1.0.2)
      peek
    peek-performance_bar (1.3.1)
      peek (>= 0.1.0)
    peek-pg (1.3.0)
      concurrent-ruby
      concurrent-ruby-ext
      peek
      pg
    peek-redis (1.2.0)
      atomic (>= 1.0.0)
      peek
      redis
    peek-resque (2.0.1)
      peek (>= 0.1.0)
      resque
    pg (0.21.0)
    public_suffix (4.0.1)
    raabro (1.1.6)
    rack (2.0.7)
    rack-protection (2.0.7)
      rack
    rack-test (1.1.0)
      rack (>= 1.0, < 3)
    rails (5.2.4)
      actioncable (= 5.2.4)
      actionmailer (= 5.2.4)
      actionpack (= 5.2.4)
      actionview (= 5.2.4)
      activejob (= 5.2.4)
      activemodel (= 5.2.4)
      activerecord (= 5.2.4)
      activestorage (= 5.2.4)
      activesupport (= 5.2.4)
      bundler (>= 1.3.0)
      railties (= 5.2.4)
      sprockets-rails (>= 2.0.0)
    rails-dom-testing (2.0.3)
      activesupport (>= 4.2.0)
      nokogiri (>= 1.6)
    rails-html-sanitizer (1.3.0)
      loofah (~> 2.3)
    railties (5.2.4)
      actionpack (= 5.2.4)
      activesupport (= 5.2.4)
      method_source
      rake (>= 0.8.7)
      thor (>= 0.19.0, < 2.0)
    raindrops (0.19.0)
    rake (12.3.3)
    rb-fsevent (0.10.3)
    rb-inotify (0.10.0)
      ffi (~> 1.0)
    redis (3.3.5)
    redis-browser (0.5.1)
      coffee-script
      multi_json
      redis
      sass
      sinatra
      sinatra-contrib
      slim
    redis-namespace (1.6.0)
      redis (>= 3.0.4)
    redis-session-store (0.11.1)
      actionpack (>= 3)
      redis (>= 3, < 5)
    resque (2.0.0)
      mono_logger (~> 1.0)
      multi_json (~> 1.0)
      redis-namespace (~> 1.6)
      sinatra (>= 0.9.2)
      vegas (~> 0.1.2)
    resque-pool (0.7.0)
      rake (>= 10.0, < 13.0)
      resque (>= 1.22, < 3)
    resque-scheduler (4.4.0)
      mono_logger (~> 1.0)
      redis (>= 3.3)
      resque (>= 1.26)
      rufus-scheduler (~> 3.2)
    resque-web (0.0.12)
      coffee-rails
      font-awesome-sass
      jquery-rails
      resque
      sass-rails
      twitter-bootstrap-rails
    ruby-statistics (2.1.1)
    rufus-scheduler (3.6.0)
      fugit (~> 1.1, >= 1.1.6)
    sass (3.7.4)
      sass-listen (~> 4.0.0)
    sass-listen (4.0.0)
      rb-fsevent (~> 0.9, >= 0.9.4)
      rb-inotify (~> 0.9, >= 0.9.7)
    sass-rails (6.0.0)
      sassc-rails (~> 2.1, >= 2.1.1)
    sassc (2.2.1)
      ffi (~> 1.9)
    sassc-rails (2.1.2)
      railties (>= 4.0.0)
      sassc (>= 2.0)
      sprockets (> 3.0)
      sprockets-rails
      tilt
    select2-rails (4.0.3)
      thor (~> 0.14)
    simple_form (5.0.1)
      actionpack (>= 5.0)
      activemodel (>= 5.0)
    sinatra (2.0.7)
      mustermann (~> 1.0)
      rack (~> 2.0)
      rack-protection (= 2.0.7)
      tilt (~> 2.0)
    sinatra-contrib (2.0.7)
      backports (>= 2.8.2)
      multi_json
      mustermann (~> 1.0)
      rack-protection (= 2.0.7)
      sinatra (= 2.0.7)
      tilt (~> 2.0)
    slim (4.0.1)
      temple (>= 0.7.6, < 0.9)
      tilt (>= 2.0.6, < 2.1)
    spring (2.1.0)
    sprockets (4.0.0)
      concurrent-ruby (~> 1.0)
      rack (> 1, < 3)
    sprockets-rails (3.2.1)
      actionpack (>= 4.0)
      activesupport (>= 4.0)
      sprockets (>= 3.0.0)
    temple (0.8.2)
    thor (0.20.3)
    thread_safe (0.3.6)
    tilt (2.0.10)
    turbolinks (5.2.1)
      turbolinks-source (~> 5.2)
    turbolinks-source (5.2.0)
    twitter-bootstrap-rails (3.2.2)
      actionpack (>= 3.1)
      execjs (>= 2.2.2, >= 2.2)
      less-rails (>= 2.5.0)
      railties (>= 3.1)
    tzinfo (1.2.5)
      thread_safe (~> 0.1)
    uglifier (4.2.0)
      execjs (>= 0.3.0, < 3)
    underscore-rails (1.8.3)
    unicorn (5.5.1)
      kgio (~> 2.6)
      raindrops (~> 0.7)
    unicorn-worker-killer (0.4.4)
      get_process_mem (~> 0)
      unicorn (>= 4, < 6)
    vegas (0.1.11)
      rack (>= 1.0.0)
    web-console (3.7.0)
      actionview (>= 5.0)
      activemodel (>= 5.0)
      bindex (>= 0.4.0)
      railties (>= 5.0)
    websocket-driver (0.7.1)
      websocket-extensions (>= 0.1.0)
    websocket-extensions (0.1.4)
    will_paginate (3.2.1)

PLATFORMS
  ruby

DEPENDENCIES
  awesome_print
  bootstrap-sass (~> 3.4.1)
  bootstrap-toggle-rails
  byebug
  coffee-rails
  derailed
  go-on-rails (~> 0.4.0)
  httparty
  jbuilder (~> 2.0)
  jquery-datatables-rails!
  jquery-migrate-rails
  jquery-rails
  jquery-ui-rails
  letter_opener
  listen
  nokogiri
  peek
  peek-git
  peek-performance_bar
  peek-pg
  peek-redis
  peek-resque
  pg (~> 0.21.0)
  rails (= 5.2.4)
  redis (= 3.3.5)
  redis-browser
  redis-session-store
  resque
  resque-pool
  resque-scheduler
  resque-web
  sass-rails
  sassc-rails (>= 2.1.0)
  select2-rails
  simple_form
  spring
  turbolinks
  uglifier
  underscore-rails
  unicorn
  unicorn-worker-killer
  web-console
  will_paginate

RUBY VERSION
   ruby 2.6.3p62

BUNDLED WITH
   1.17.3
